GIT
  remote: git://github.com/sinatra/sinatra.git
  revision: 5f6168bfc92280892e819df524d4508cf9032f6d
  specs:
    sinatra (1.4.5)
      rack (~> 1.4)
      rack-protection (~> 1.4)
      tilt (>= 1.3, < 3)

GEM
  remote: https://rubygems.org/
  specs:
    dotenv (1.0.2)
    json (1.8.1)
    rack (1.6.0)
    rack-protection (1.5.3)
      rack
    tilt (2.0.1)

PLATFORMS
  ruby

DEPENDENCIES
  dotenv
  json
  sinatra!
